GEM
  remote: http://rubygems.org/
  specs:
    activerecord (2.3.5)
      activesupport (= 2.3.5)
    activesupport (2.3.5)
    json (1.1.6)
    mechanize (1.0.0)
      nokogiri (>= 1.2.1)
    nokogiri (1.4.4)
    nokogiri (1.4.4-x86-mingw32)
    rack (1.3.0)
    ruby-debug (0.9.3)
      ruby-debug-base (= 0.9.3)
    ruby-debug-base (0.9.3)
    sinatra (1.2.6)
      rack (~> 1.1)
      tilt (>= 1.2.2, < 2.0)
    tilt (1.3.2)

PLATFORMS
  ruby
  x86-mingw32

DEPENDENCIES
  activerecord (= 2.3.5)
  json
  mechanize (= 1.0.0)
  nokogiri (= 1.4.4)
  ruby-debug (!= 0.10.4)
  sinatra
